GEM
  remote: https://rubygems.org/
  specs:
    activesupport (8.0.2.1)
      base64
      benchmark (>= 0.3)
      bigdecimal
      concurrent-ruby (~> 1.0, >= 1.3.1)
      connection_pool (>= 2.2.5)
      drb
      i18n (>= 1.6, < 2)
      logger (>= 1.4.2)
      minitest (>= 5.1)
      securerandom (>= 0.3)
      tzinfo (~> 2.0, >= 2.0.5)
      uri (>= 0.13.1)
    addressable (2.8.7)
      public_suffix (>= 2.0.2, < 7.0)
    awesome_print (1.9.2)
    base64 (0.3.0)
    benchmark (0.4.1)
    bigdecimal (3.2.2)
    coderay (1.1.3)
    concurrent-ruby (1.3.5)
    connection_pool (2.5.3)
    content_disposition (1.0.0)
    date (3.4.1)
    dotenv (3.1.8)
    down (5.4.2)
      addressable (~> 2.8)
    drb (2.2.3)
    factory_bot (6.5.5)
      activesupport (>= 6.1.0)
    faker (3.5.2)
      i18n (>= 1.8.11, < 2)
    foreman (0.90.0)
      thor (~> 1.4)
    i18n (1.14.7)
      concurrent-ruby (~> 1.0)
    json (2.13.2)
    logger (1.7.0)
    mail (2.8.1)
      mini_mime (>= 0.1.1)
      net-imap
      net-pop
      net-smtp
    method_source (1.1.0)
    mini_mime (1.1.5)
    minitest (5.25.5)
    mustermann (3.0.3)
      ruby2_keywords (~> 0.0.1)
    net-imap (0.5.9)
      date
      net-protocol
    net-pop (0.1.2)
      net-protocol
    net-protocol (0.2.2)
      timeout
    net-smtp (0.5.1)
      net-protocol
    nio4r (2.7.4)
    oj (3.16.11)
      bigdecimal (>= 3.0)
      ostruct (>= 0.2)
    ostruct (0.6.3)
    pg (1.6.0)
    pg (1.6.0-aarch64-linux)
    pg (1.6.0-arm64-darwin)
    pg (1.6.0-x86_64-darwin)
    pg (1.6.0-x86_64-linux)
    pry (0.15.2)
      coderay (~> 1.1)
      method_source (~> 1.0)
    public_suffix (6.0.2)
    puma (6.6.0)
      nio4r (~> 2.0)
    que (2.4.1)
    rack (2.2.17)
    rack-accept (0.4.5)
      rack (>= 0.4)
    rack-attack (6.7.0)
      rack (>= 1.0, < 4)
    rack-cors (2.0.2)
      rack (>= 2.0.0)
    rack-protection (3.2.0)
      base64 (>= 0.1.0)
      rack (~> 2.2, >= 2.2.4)
    rack-ssl-enforcer (0.2.9)
    rack-test (2.2.0)
      rack (>= 1.3)
    rackup (1.0.1)
      rack (< 3)
      webrick
    rake (13.3.0)
    redis (5.4.1)
      redis-client (>= 0.22.0)
    redis-client (0.25.2)
      connection_pool
    rollbar (3.6.2)
    ruby2_keywords (0.0.5)
    securerandom (0.4.1)
    sequel (5.94.0)
      bigdecimal
    shrine (3.6.0)
      content_disposition (~> 1.0)
      down (~> 5.1)
    sinatra (3.2.0)
      mustermann (~> 3.0)
      rack (~> 2.2, >= 2.2.4)
      rack-protection (= 3.2.0)
      tilt (~> 2.0)
    thor (1.4.0)
    tilt (2.6.1)
    timeout (0.4.3)
    tzinfo (2.0.6)
      concurrent-ruby (~> 1.0)
    uri (1.0.3)
    webrick (1.9.1)

PLATFORMS
  aarch64-linux
  arm64-darwin
  ruby
  x86_64-darwin
  x86_64-linux

DEPENDENCIES
  awesome_print
  dotenv
  factory_bot
  faker
  foreman
  json
  logger
  mail
  minitest
  oj
  ostruct
  pg
  pry
  puma
  que
  rack (~> 2.2)
  rack-accept
  rack-attack
  rack-cors
  rack-protection
  rack-ssl-enforcer
  rack-test
  rackup
  rake
  redis
  rollbar
  sequel
  shrine
  sinatra

BUNDLED WITH
   2.6.7
